GEM
  remote: https://rubygems.org/
  specs:
    haml (4.0.2)
      tilt
    oauth (0.4.7)
    rack (1.5.2)
    rack-protection (1.5.0)
      rack
    sass (3.2.8)
    shotgun (0.9)
      rack (>= 1.0)
    sinatra (1.4.2)
      rack (~> 1.5, >= 1.5.2)
      rack-protection (~> 1.4)
      tilt (~> 1.3, >= 1.3.4)
    tilt (1.3.7)

PLATFORMS
  ruby

DEPENDENCIES
  haml
  oauth
  sass
  shotgun
  sinatra
